GEM
  remote: https://rubygems.org/
  specs:
    os (1.1.4)

PLATFORMS
  x64-mingw-ucrt
  x86_64-linux

DEPENDENCIES
  os

BUNDLED WITH
   2.4.19
